GEM
  remote: http://rubygems.org/
  specs:
    racc (1.4.13)
    rexical (1.0.5)

PLATFORMS
  ruby

DEPENDENCIES
  racc (= 1.4.13)
  rexical (= 1.0.5)

BUNDLED WITH
   1.10.6
